PATH
  remote: .
  specs:
    domed-city (3.1.0)
      aws-sdk (~> 2.1)
      colorize (~> 0.7)
      hiera (~> 3)
      hiera-eyaml (~> 2.1)
      trollop (~> 2.1)

GEM
  remote: https://rubygems.org/
  specs:
    ast (2.3.0)
    aws-sdk (2.10.37)
      aws-sdk-resources (= 2.10.37)
    aws-sdk-core (2.10.37)
      aws-sigv4 (~> 1.0)
      jmespath (~> 1.0)
    aws-sdk-resources (2.10.37)
      aws-sdk-core (= 2.10.37)
    aws-sigv4 (1.0.2)
    colorize (0.8.1)
    diff-lcs (1.3)
    hiera (3.4.0)
    hiera-eyaml (2.1.0)
      highline (~> 1.6.19)
      trollop (~> 2.0)
    highline (1.6.21)
    jmespath (1.3.1)
    parallel (1.12.0)
    parser (2.4.0.0)
      ast (~> 2.2)
    powerpack (0.1.1)
    rainbow (2.2.2)
      rake
    rake (10.5.0)
    rspec (3.6.0)
      rspec-core (~> 3.6.0)
      rspec-expectations (~> 3.6.0)
      rspec-mocks (~> 3.6.0)
    rspec-core (3.6.0)
      rspec-support (~> 3.6.0)
    rspec-expectations (3.6.0)
      diff-lcs (>= 1.2.0, < 2.0)
      rspec-support (~> 3.6.0)
    rspec-mocks (3.6.0)
      diff-lcs (>= 1.2.0, < 2.0)
      rspec-support (~> 3.6.0)
    rspec-support (3.6.0)
    rubocop (0.49.1)
      parallel (~> 1.10)
      parser (>= 2.3.3.1, < 3.0)
      powerpack (~> 0.1)
      rainbow (>= 1.99.1, < 3.0)
      ruby-progressbar (~> 1.7)
      unicode-display_width (~> 1.0, >= 1.0.1)
    ruby-progressbar (1.8.1)
    trollop (2.1.2)
    unicode-display_width (1.3.0)

PLATFORMS
  ruby

DEPENDENCIES
  bundler (~> 1.11)
  domed-city!
  rake (~> 10.0)
  rspec (~> 3.0)
  rubocop (~> 0.40)

BUNDLED WITH
   1.13.7
